NUGET
  remote: https://nuget.org/api/v2
  specs:
    xunit (1.9.2)
